GEM
  remote: http://rubygems.org/
  specs:
    activemodel (3.0.0)
      activesupport (= 3.0.0)
      builder (~> 2.1.2)
      i18n (~> 0.4.1)
    activerecord (3.0.0)
      activemodel (= 3.0.0)
      activesupport (= 3.0.0)
      arel (~> 1.0.0)
      tzinfo (~> 0.3.23)
    activesupport (3.0.0)
    arel (1.0.1)
      activesupport (~> 3.0.0)
    builder (2.1.2)
    cassandra (0.8.2)
      json
      rake
      simple_uuid (>= 0.1.0)
      thrift_client (>= 0.4.0)
    flexmock (0.8.7)
    i18n (0.4.1)
    json (1.4.6)
    nokogiri (1.4.3.1)
    rake (0.8.7)
    shoulda (2.11.3)
    simple_uuid (0.1.1)
    sqlite3-ruby (1.3.1)
    thrift (0.2.0.4)
    thrift_client (0.4.6)
      thrift
    tzinfo (0.3.23)
    yajl-ruby (0.7.7)

PLATFORMS
  ruby

DEPENDENCIES
  activemodel (~> 3.0.0)
  activerecord (~> 3.0.0)
  cassandra (~> 0.8.2)
  flexmock (~> 0.8.7)
  nokogiri (~> 1.4.3.1)
  shoulda (~> 2.11.3)
  sqlite3-ruby
  yajl-ruby (~> 0.7.7)

METADATA
  version: 1.0.6
