GEM
  remote: http://rubygems.org/
  specs:
    activemodel (3.0.3)
      activesupport (= 3.0.3)
      builder (~> 2.1.2)
      i18n (~> 0.4)
    activerecord (3.0.3)
      activemodel (= 3.0.3)
      activesupport (= 3.0.3)
      arel (~> 2.0.2)
      tzinfo (~> 0.3.23)
    activesupport (3.0.3)
    arel (2.0.7)
    builder (2.1.2)
    cassandra (0.9.0)
      json
      rake
      simple_uuid (>= 0.1.0)
      thrift_client (>= 0.6.0)
    flexmock (0.8.11)
    i18n (0.5.0)
    json (1.5.1)
    nokogiri (1.4.3.1)
    rake (0.8.7)
    shoulda (2.11.3)
    simple_uuid (0.1.2)
    sqlite3 (1.3.3)
    sqlite3-ruby (1.3.3)
      sqlite3 (>= 1.3.3)
    thrift (0.5.0)
    thrift_client (0.6.0)
      thrift (~> 0.5.0)
    tzinfo (0.3.24)
    yajl-ruby (0.7.9)

PLATFORMS
  ruby

DEPENDENCIES
  activemodel (~> 3.0.0)
  activerecord (~> 3.0.0)
  cassandra (~> 0.9.0)
  flexmock (~> 0.8.7)
  nokogiri (~> 1.4.3.1)
  shoulda (~> 2.11.3)
  sqlite3-ruby
  yajl-ruby (~> 0.7.7)

METADATA
  version: 1.0.6
